GEM
  remote: https://rubygems.org/
  specs:
    builder (3.0.4)
    cucumber (1.1.4)
      builder (>= 2.1.2)
      diff-lcs (>= 1.1.2)
      gherkin (~> 2.7.1)
      json (>= 1.4.6)
      term-ansicolor (>= 1.0.6)
    diff-lcs (1.1.3)
    gherkin (2.7.6)
      json (>= 1.4.6)
    json (1.8.1)
    rspec-expectations (2.11.3)
      diff-lcs (~> 1.1.3)
    term-ansicolor (1.0.7)

PLATFORMS
  ruby

DEPENDENCIES
  cucumber
  rspec-expectations
